BrainVision Data Exchange Header File Version 1.0
; Data created by the BrainVision Recorder

[Common Infos]
Codepage=UTF-8
DataFile=Example_Clean.eeg
MarkerFile=Example_Clean.vmrk
DataFormat=BINARY
; Data orientation: MULTIPLEXED=ch1,pt1, ch2,pt1 ...
DataOrientation=MULTIPLEXED
NumberOfChannels=5
; Sampling interval in microseconds
SamplingInterval=1000

[Binary Infos]
BinaryFormat=IEEE_FLOAT_32

[Channel Infos]
; Each entry: Ch<Channel number>=<Name>,<Reference channel name>,
; <Resolution in "Unit">,<Unit>, Future extensions..
; Fields are delimited by commas, some fields might be omitted (empty).
; Commas in channel names are coded as "\1".
Ch1=egg1,,1,1 uV
Ch2=egg2,,1,1 uV
Ch3=egg3,,1,1 uV
Ch4=egg4,,1,1 uV
Ch5=ecg,,1,1 uV

[Comment]

BrainVision Recorder Professional   -   V. 1.25.0101


A m p l i f i e r  S e t u p
============================
Number of channels: 5
Sampling Rate [Hz]: 1000
Sampling Interval [µS]: 1000

Channels
--------
#     Name      Phys. Chn.    Resolution / Unit   Low Cutoff [s]   High Cutoff [Hz]   Notch [Hz]    Gradient         Offset
1     egg1        66                 1 1 uV           DC              280              Off       0.1[mV/1 uV]     0[mV] = 0[1 uV]
2     egg2        67                 1 1 uV           DC              280              Off       0.1[mV/1 uV]     0[mV] = 0[1 uV]
3     egg3        68                 1 1 uV           DC              280              Off       0.1[mV/1 uV]     0[mV] = 0[1 uV]
4     egg4        69                 1 1 uV           DC              280              Off       0.1[mV/1 uV]     0[mV] = 0[1 uV]
5     ecg         70                 1 1 uV           DC              280              Off       0.1[mV/1 uV]     0[mV] = 0[1 uV]
Use active/dry Electrodes = Yes 

Good Level [kOhms]     = 10
Bad Level [kOhms]      = 50
MY-Button Workspace    = C:\Vision\Workfiles\MYButton

Amplifier 
actiCHamp Base Unit (5001) 
  --- S/N 18020982 --- 
actiCHamp 32 CH Module
  --- Module 1 (5010): S/N 18021812 ---
  --- Module 2 (5010): S/N 18021803 ---
Version: DLL_27.18.06.25, DRV_03.04.01.146, CTRL_103.17.02.27, FPGA_67.00.00.00, DSP_105.14.10.07 


S o f t w a r e  F i l t e r s
==============================
#     Low Cutoff [s]   High Cutoff [Hz]   Notch [Hz]
1      Off              Off                Off
2      Off              Off                Off
3      Off              Off                Off
4      Off              Off                Off
5      Off              Off                Off


No impedance values available at 16:43:42!
